GEM
  remote: https://rubygems.org/
  specs:
    chake (0.12)
      rake
    rake (10.5.0)

PLATFORMS
  ruby

DEPENDENCIES
  chake

BUNDLED WITH
   1.11.2
